REDIRECTS: ON
RESTRICTION: == netstandard2.0
NUGET
  remote: https://api.nuget.org/v3/index.json
    Google.Protobuf (3.5.1)
      NETStandard.Library (>= 1.6.1)
    lz4net (1.0.15.93)
      lz4net.unsafe.netcore (1.0.15.93)
      NETStandard.Library (>= 1.6.1)
    lz4net.unsafe.netcore (1.0.15.93)
      NETStandard.Library (>= 1.6.1)
    Microsoft.NETCore.Platforms (2.0.1)
    NETStandard.Library (2.0.2)
      Microsoft.NETCore.Platforms (>= 1.1)
    Newtonsoft.Json (11.0.2)

GROUP Build
RESTRICTION: == netstandard2.0
NUGET
  remote: https://api.nuget.org/v3/index.json
    FAKE (4.64.12)
    Google.Protobuf.Tools (3.5.1)
    Microsoft.NETCore.Platforms (2.0.1)
    NETStandard.Library (2.0.2)
      Microsoft.NETCore.Platforms (>= 1.1)
    Octokit (0.29)
      NETStandard.Library (>= 1.6)
GITHUB
  remote: fsharp/FAKE
    modules/Octokit/Octokit.fsx (b011a602d0b690fb80a30e5b97df53523d6c4b23)
      Octokit (>= 0.20)
GROUP Examples
REDIRECTS: ON
RESTRICTION: == netstandard2.0
NUGET
  remote: https://api.nuget.org/v3/index.json
    Microsoft.AspNetCore.App (2.1.0-preview1-final)
    Microsoft.NETCore.Platforms (2.1.0-preview1-26216-02)
